GEM
  remote: https://rubygems.org/
  specs:
    ast (2.0.0)
    coderay (1.1.0)
    parser (2.2.2.2)
      ast (>= 1.1, < 3.0)

PLATFORMS
  ruby

DEPENDENCIES
  coderay
  parser

BUNDLED WITH
   1.10.5
